GEM
  remote: http://rubygems.org/
  specs:
    coderay (0.9.8)
    commander (4.0.6)
      highline (~> 1.5.0)
    diff-lcs (1.1.3)
    fastercsv (1.5.4)
    highline (1.5.2)
    hoe (2.12.3)
      rake (~> 0.8)
    hoe-bundler (1.1.0)
      hoe (>= 2.2.0)
    hoe-debugging (1.0.2)
      hoe (>= 2.2.0)
    hoe-gemspec (1.0.0)
      hoe (>= 2.2.0)
    hoe-git (1.4.1)
      hoe (>= 2.2.0)
    hoe-yard (0.1.2)
      yard (>= 0.2.3.1)
    json_pure (1.6.3)
    method_source (0.6.6)
      ruby_parser (~> 2.0.5)
    pry (0.9.6.2)
      coderay (~> 0.9.8)
      method_source (~> 0.6.5)
      ruby_parser (~> 2.0.5)
      slop (~> 2.1.0)
    rake (0.9.2)
    rspec (2.5.0)
      rspec-core (~> 2.5.0)
      rspec-expectations (~> 2.5.0)
      rspec-mocks (~> 2.5.0)
    rspec-core (2.5.2)
    rspec-expectations (2.5.0)
      diff-lcs (~> 1.1.2)
    rspec-mocks (2.5.0)
    ruby_parser (2.0.6)
      sexp_processor (~> 3.0)
    rubyforge (2.0.4)
      json_pure (>= 1.1.7)
    sexp_processor (3.0.7)
    slop (2.1.0)
    yard (0.7.4)

PLATFORMS
  ruby

DEPENDENCIES
  commander
  fastercsv
  hoe
  hoe-bundler
  hoe-debugging
  hoe-gemspec
  hoe-git
  hoe-yard
  pry
  rspec
  rubyforge
