GEM
  remote: http://rubygems.org/
  specs:
    coderay (0.9.8)
    commander (4.0.6)
      highline (~> 1.5.0)
    diff-lcs (1.1.3)
    fastercsv (1.5.4)
    ffi (1.0.11-java)
    ffi-locale (1.0.1)
      ffi (>= 1.0.9)
    ffi-ncurses (0.4.0)
      ffi (>= 1.0.9)
      ffi-locale (>= 1.0.0)
    highline (1.5.2)
    hiredis (0.4.4)
    hoe (2.12.3)
      rake (~> 0.8)
    hoe-bundler (1.1.0)
      hoe (>= 2.2.0)
    hoe-debugging (1.0.2)
      hoe (>= 2.2.0)
    hoe-gemspec (1.0.0)
      hoe (>= 2.2.0)
    hoe-git (1.4.1)
      hoe (>= 2.2.0)
    hoe-yard (0.1.2)
      yard (>= 0.2.3.1)
    httparty (0.8.1)
      multi_json
      multi_xml
    json (1.6.1)
    json (1.6.1-java)
    json_pure (1.6.3)
    memoizable (0.1.0)
    method_source (0.6.6)
      ruby_parser (~> 2.0.5)
    multi_json (1.0.4)
    multi_xml (0.4.1)
    pry (0.9.6.2)
      coderay (~> 0.9.8)
      method_source (~> 0.6.5)
      ruby_parser (~> 2.0.5)
      slop (~> 2.1.0)
      spoon (~> 0.0.1)
    pry (0.9.6.2-java)
      coderay (~> 0.9.8)
      method_source (~> 0.6.5)
      ruby_parser (~> 2.0.5)
      slop (~> 2.1.0)
      spoon (~> 0.0.1)
    rake (0.9.2)
    rdoc (3.12)
      json (~> 1.4)
    redis (2.2.2)
    rspec (2.5.0)
      rspec-core (~> 2.5.0)
      rspec-expectations (~> 2.5.0)
      rspec-mocks (~> 2.5.0)
    rspec-core (2.5.2)
    rspec-expectations (2.5.0)
      diff-lcs (~> 1.1.2)
    rspec-mocks (2.5.0)
    ruby-prof (0.10.8)
    ruby_parser (2.0.6)
      sexp_processor (~> 3.0)
    rubyforge (2.0.4)
      json_pure (>= 1.1.7)
    sexp_processor (3.0.7)
    slop (2.1.0)
    spoon (0.0.1)
    sqlite3 (1.3.5)
    tddium (1.0.6)
      bundler
      highline
      json
      tddium_client (~> 0.1.1)
      thor
    tddium_client (0.1.3)
      httparty (>= 0.8.1)
      json
    thor (0.14.6)
    yard (0.7.4)

PLATFORMS
  java
  ruby

DEPENDENCIES
  commander
  fastercsv
  ffi-ncurses
  hiredis
  hoe
  hoe-bundler
  hoe-debugging
  hoe-gemspec
  hoe-git
  hoe-yard
  json
  memoizable
  pry
  rdoc
  redis (>= 2.2.0)
  rspec
  ruby-prof
  rubyforge
  sqlite3
  tddium
